GEM
  remote: https://rubygems.org/
  specs:
    rack (1.6.4)
    sinatra (1.1.0)
      rack (~> 1.1)
      tilt (~> 1.1)
    tilt (1.4.1)

PLATFORMS
  java

DEPENDENCIES
  sinatra (= 1.1.0)

RUBY VERSION
   ruby 2.2.2p0 (jruby 9.0.0.0)

BUNDLED WITH
   1.13.1
